PATH
  remote: .
  specs:
    large-hadron-migrator (0.1.4)
      activerecord (~> 2.3.8)
      activesupport (~> 2.3.8)
      mysql (~> 2.8.1)

GEM
  remote: http://rubygems.org/
  specs:
    activerecord (2.3.14)
      activesupport (= 2.3.14)
    activesupport (2.3.14)
    mysql (2.8.1)
    rake (0.8.7)
    rspec (1.3.1)

PLATFORMS
  ruby

DEPENDENCIES
  large-hadron-migrator!
  rake
  rspec (= 1.3.1)
