PATH
  remote: .
  specs:
    large_hadron_migrator (0.2.1)
      activerecord (~> 2.3.8)
      activesupport (~> 2.3.8)

GEM
  remote: http://rubygems.org/
  specs:
    activerecord (2.3.14)
      activesupport (= 2.3.14)
    activesupport (2.3.14)
    mysql (2.8.1)
    rake (0.8.7)
    rspec (1.3.1)

PLATFORMS
  ruby

DEPENDENCIES
  large_hadron_migrator!
  mysql (~> 2.8.1)
  rake
  rspec (= 1.3.1)
