GEM
  remote: http://rubygems.org/
  specs:
    activerecord (2.3.11)
      activesupport (= 2.3.11)
    activesupport (2.3.11)
    rspec (1.3.1)

PLATFORMS
  ruby

DEPENDENCIES
  activerecord (~> 2.3.8)
  activesupport (~> 2.3.8)
  rspec (= 1.3.1)
